GEM
  remote: https://rubygems.org/
  specs:
    graph (2.6.0)

PLATFORMS
  ruby

DEPENDENCIES
  graph
